REDIRECTS: ON
RESTRICTION: == net471
NUGET
  remote: https://www.nuget.org/api/v2
    Crc32C.NET (1.0.5)
    DnsClient (1.2)
      System.Buffers (>= 4.4)
    EventFlow (0.75.3970)
      Microsoft.CSharp (>= 4.4)
      Newtonsoft.Json (>= 11.0.2)
    FireSharp (2.0.4)
      Microsoft.Bcl.Async (>= 1.0.168)
      Microsoft.Net.Http (>= 2.2.28)
      Newtonsoft.Json (>= 6.0.4)
    Microsoft.Bcl (1.1.10)
      Microsoft.Bcl.Build (>= 1.0.14)
    Microsoft.Bcl.Async (1.0.168)
      Microsoft.Bcl (>= 1.1.8)
    Microsoft.Bcl.Build (1.0.21) - import_targets: false
    Microsoft.CSharp (4.5)
    Microsoft.Net.Http (2.2.29)
      Microsoft.Bcl (>= 1.1.10)
      Microsoft.Bcl.Build (>= 1.0.14)
    MongoDB.Bson (2.9.1)
    MongoDB.Driver (2.9.1)
      MongoDB.Bson (>= 2.9.1)
      MongoDB.Driver.Core (>= 2.9.1)
    MongoDB.Driver.Core (2.9.1)
      DnsClient (>= 1.2)
      MongoDB.Bson (>= 2.9.1)
      SharpCompress (>= 0.23)
      Snappy.NET (>= 1.1.1.8)
      System.Runtime.InteropServices.RuntimeInformation (>= 4.3)
    Newtonsoft.Json (12.0.2)
    SharpCompress (0.24)
    Snappy.NET (1.1.1.8)
      Crc32C.NET (>= 1.0.5)
    System.Buffers (4.5)
    System.Runtime.InteropServices.RuntimeInformation (4.3)

GROUP Test
REDIRECTS: ON
RESTRICTION: == net471
NUGET
  remote: https://www.nuget.org/api/v2
    AutoFixture (3.51)
    AutoFixture.AutoMoq (3.51)
      AutoFixture (>= 3.51)
      Moq (>= 4.1.1308.2120)
    Castle.Core (4.4)
    FluentAssertions (4.19.4)
    Helpz (0.2.64)
    Moq (4.10.1)
      Castle.Core (>= 4.3.1)
      System.Threading.Tasks.Extensions (>= 4.5.1)
    NUnit (3.11)
    System.Runtime.CompilerServices.Unsafe (4.5.2)
    System.Threading.Tasks.Extensions (4.5.2)
      System.Runtime.CompilerServices.Unsafe (>= 4.5.2)
